GEM
  remote: http://rubygems.org/
  specs:
    RedCloth (4.2.3)
    classifier (1.3.3)
      fast-stemmer (>= 1.0.0)
    creole (0.3.7)
    fast-stemmer (1.0.0)
    github-markup (0.5.0)
    liquid (2.2.2)
    maruku (0.6.0)
      syntax (>= 1.0.0)
    open4 (1.0.1)
    org-ruby (0.5.3)
      rubypants (>= 0.2.0)
    rdiscount (1.6.5)
    rubypants (0.2.0)
    syntax (1.0.0)

PLATFORMS
  ruby

DEPENDENCIES
  RedCloth
  classifier
  creole
  github-markup
  liquid
  maruku
  open4
  org-ruby
  rdiscount
